PATH
  remote: asciidoctor-question
  specs:
    asciidoctor-question (0.5.2)
      asciidoctor (~> 1.5)
      nokogiri (~> 1.6)

GEM
  remote: https://rubygems.org/
  specs:
    asciidoctor (1.5.8)
    awesome_print (1.8.0)
    coderay (1.1.2)
    coolline (0.5.0)
      unicode_utils (~> 1.4)
    method_source (0.9.2)
    mini_portile2 (2.8.0)
    nokogiri (1.13.4)
      mini_portile2 (~> 2.8.0)
      racc (~> 1.4)
    pry (0.12.2)
      coderay (~> 1.1.0)
      method_source (~> 0.9.0)
    pry-coolline (0.2.5)
      coolline (~> 0.5)
    racc (1.6.0)
    unicode_utils (1.4.0)

PLATFORMS
  ruby

DEPENDENCIES
  asciidoctor (~> 1.5)
  asciidoctor-question!
  awesome_print (~> 1.8)
  pry (~> 0.12.2)
  pry-coolline (~> 0.2.5)

BUNDLED WITH
   2.0.2
